GEM
  remote: https://rubygems.org/
  specs:
    actioncable (5.0.1)
      actionpack (= 5.0.1)
      nio4r (~> 1.2)
      websocket-driver (~> 0.6.1)
    actionmailer (5.0.1)
      actionpack (= 5.0.1)
      actionview (= 5.0.1)
      activejob (= 5.0.1)
      mail (~> 2.5, >= 2.5.4)
      rails-dom-testing (~> 2.0)
    actionpack (5.0.1)
      actionview (= 5.0.1)
      activesupport (= 5.0.1)
      rack (~> 2.0)
      rack-test (~> 0.6.3)
      rails-dom-testing (~> 2.0)
      rails-html-sanitizer (~> 1.0, >= 1.0.2)
    actionview (5.0.1)
      activesupport (= 5.0.1)
      builder (~> 3.1)
      erubis (~> 2.7.0)
      rails-dom-testing (~> 2.0)
      rails-html-sanitizer (~> 1.0, >= 1.0.2)
    active_record_union (1.2.0)
      activerecord (>= 4.0)
    activejob (5.0.1)
      activesupport (= 5.0.1)
      globalid (>= 0.3.6)
    activemodel (5.0.1)
      activesupport (= 5.0.1)
    activerecord (5.0.1)
      activemodel (= 5.0.1)
      activesupport (= 5.0.1)
      arel (~> 7.0)
    activesupport (5.0.1)
      concurrent-ruby (~> 1.0, >= 1.0.2)
      i18n (~> 0.7)
      minitest (~> 5.1)
      tzinfo (~> 1.1)
    arel (7.1.4)
    autoprefixer-rails (7.1.0)
      execjs
    babel-source (5.8.35)
    babel-transpiler (0.7.0)
      babel-source (>= 4.0, < 6)
      execjs (~> 2.0)
    bcrypt (3.1.11)
    bootstrap-sass (3.3.6)
      autoprefixer-rails (>= 5.2.1)
      sass (>= 3.3.4)
    bootstrap-will_paginate (0.0.10)
      will_paginate
    builder (3.2.3)
    byebug (9.0.0)
    coffee-rails (4.2.1)
      coffee-script (>= 2.2.0)
      railties (>= 4.0.0, < 5.2.x)
    coffee-script (2.4.1)
      coffee-script-source
      execjs
    coffee-script-source (1.12.2)
    concurrent-ruby (1.0.5)
    crass (1.0.2)
    db_text_search (0.2.1)
      activerecord (>= 4.1.15, < 6.0)
    debug_inspector (0.0.3)
    erubis (2.7.0)
    execjs (2.7.0)
    fast_blank (1.0.0)
    ffi (1.9.18)
    friendly_id (5.2.1)
      activerecord (>= 4.0.0)
    gemoji (2.1.0)
    globalid (0.4.0)
      activesupport (>= 4.2.0)
    html-pipeline (2.5.0)
      activesupport (>= 2)
      nokogiri (>= 1.4)
    htmlentities (4.3.4)
    i18n (0.8.1)
    inline_svg (1.2.1)
      activesupport (>= 3.0)
      nokogiri (>= 1.6)
    jbuilder (2.4.1)
      activesupport (>= 3.0.0, < 5.1)
      multi_json (~> 1.2)
    jquery-rails (4.2.1)
      rails-dom-testing (>= 1, < 3)
      railties (>= 4.2.0)
      thor (>= 0.14, < 2.0)
    kaminari (1.0.1)
      activesupport (>= 4.1.0)
      kaminari-actionview (= 1.0.1)
      kaminari-activerecord (= 1.0.1)
      kaminari-core (= 1.0.1)
    kaminari-actionview (1.0.1)
      actionview
      kaminari-core (= 1.0.1)
    kaminari-activerecord (1.0.1)
      activerecord
      kaminari-core (= 1.0.1)
    kaminari-core (1.0.1)
    kramdown (1.13.2)
    listen (3.0.8)
      rb-fsevent (~> 0.9, >= 0.9.4)
      rb-inotify (~> 0.9, >= 0.9.7)
    loofah (2.0.3)
      nokogiri (>= 1.5.9)
    mail (2.6.5)
      mime-types (>= 1.16, < 4)
    method_source (0.8.2)
    mime-types (3.1)
      mime-types-data (~> 3.2015)
    mime-types-data (3.2016.0521)
    mini_portile2 (2.1.0)
    minitest (5.10.2)
    moneta (1.0.0)
    multi_json (1.12.1)
    mustache (1.0.5)
    nio4r (1.2.1)
    nokogiri (1.7.2)
      mini_portile2 (~> 2.1.0)
    nokogumbo (1.4.10)
      nokogiri
    onebox (1.8.6)
      fast_blank (>= 1.0.0)
      htmlentities (~> 4.3)
      moneta (~> 1.0)
      multi_json (~> 1.11)
      mustache
      nokogiri (~> 1.7)
      sanitize
    pg (0.18.4)
    puma (3.4.0)
    pundit (1.1.0)
      activesupport (>= 3.0.0)
    rack (2.0.3)
    rack-test (0.6.3)
      rack (>= 1.0)
    rails (5.0.1)
      actioncable (= 5.0.1)
      actionmailer (= 5.0.1)
      actionpack (= 5.0.1)
      actionview (= 5.0.1)
      activejob (= 5.0.1)
      activemodel (= 5.0.1)
      activerecord (= 5.0.1)
      activesupport (= 5.0.1)
      bundler (>= 1.3.0, < 2.0)
      railties (= 5.0.1)
      sprockets-rails (>= 2.0.0)
    rails-dom-testing (2.0.3)
      activesupport (>= 4.2.0)
      nokogiri (>= 1.6)
    rails-html-sanitizer (1.0.3)
      loofah (~> 2.0)
    rails-timeago (2.16.0)
      actionpack (>= 3.1)
      activesupport (>= 3.1)
    railties (5.0.1)
      actionpack (= 5.0.1)
      activesupport (= 5.0.1)
      method_source
      rake (>= 0.8.7)
      thor (>= 0.18.1, < 2.0)
    rake (12.0.0)
    rb-fsevent (0.9.8)
    rb-gravatar (1.0.5)
    rb-inotify (0.9.8)
      ffi (>= 0.5.0)
    rinku (2.0.2)
    sanitize (4.4.0)
      crass (~> 1.0.2)
      nokogiri (>= 1.4.4)
      nokogumbo (~> 1.4.1)
    sass (3.4.23)
    sass-rails (5.0.6)
      railties (>= 4.0.0, < 6)
      sass (~> 3.1)
      sprockets (>= 2.8, < 4.0)
      sprockets-rails (>= 2.0, < 4.0)
      tilt (>= 1.1, < 3)
    select2-rails (3.5.10)
      thor (~> 0.14)
    spring (1.7.2)
    spring-watcher-listen (2.0.0)
      listen (>= 2.7, < 4.0)
      spring (~> 1.2)
    sprockets (3.7.1)
      concurrent-ruby (~> 1.0)
      rack (> 1, < 3)
    sprockets-es6 (0.9.2)
      babel-source (>= 5.8.11)
      babel-transpiler
      sprockets (>= 3.0.0)
    sprockets-rails (3.2.0)
      actionpack (>= 4.0)
      activesupport (>= 4.0)
      sprockets (>= 3.0.0)
    sqlite3 (1.3.12)
    thor (0.19.4)
    thread_safe (0.3.6)
    thredded (0.12.3)
      active_record_union (>= 1.2.0)
      autoprefixer-rails
      db_text_search (~> 0.2.0)
      friendly_id
      gemoji (~> 2.1.0)
      html-pipeline
      htmlentities
      inline_svg
      jquery-rails (>= 4.2.1)
      kaminari
      kramdown
      nokogiri
      onebox (~> 1.8, >= 1.8.3)
      pundit (>= 1.1.0)
      rails (>= 4.2.0)
      rails-timeago
      rb-gravatar
      rinku
      sanitize
      sass (>= 3.4.21)
      select2-rails (~> 3.5)
      sprockets-es6
    tilt (2.0.7)
    turbolinks (5.0.1)
      turbolinks-source (~> 5)
    turbolinks-source (5.0.3)
    tzinfo (1.2.3)
      thread_safe (~> 0.1)
    uglifier (3.0.0)
      execjs (>= 0.3.0, < 3)
    web-console (3.1.1)
      activemodel (>= 4.2)
      debug_inspector
      railties (>= 4.2)
    websocket-driver (0.6.5)
      websocket-extensions (>= 0.1.0)
    websocket-extensions (0.1.2)
    will_paginate (3.1.5)

PLATFORMS
  ruby

DEPENDENCIES
  bcrypt (= 3.1.11)
  bootstrap-sass (= 3.3.6)
  bootstrap-will_paginate (= 0.0.10)
  byebug (= 9.0.0)
  coffee-rails (= 4.2.1)
  jbuilder (= 2.4.1)
  jquery-rails (= 4.2.1)
  listen (= 3.0.8)
  pg (= 0.18.4)
  puma (= 3.4.0)
  rails (= 5.0.1)
  sass-rails (= 5.0.6)
  spring (= 1.7.2)
  spring-watcher-listen (= 2.0.0)
  sqlite3 (= 1.3.12)
  thredded (~> 0.12.2)
  turbolinks (= 5.0.1)
  tzinfo-data
  uglifier (= 3.0.0)
  web-console (= 3.1.1)
  will_paginate (= 3.1.5)

BUNDLED WITH
   1.14.6
